GEM
  remote: http://rubygems.org/
  specs:
    abstract (1.0.0)
    actionmailer (3.0.10)
      actionpack (= 3.0.10)
      mail (~> 2.2.19)
    actionpack (3.0.10)
      activemodel (= 3.0.10)
      activesupport (= 3.0.10)
      builder (~> 2.1.2)
      erubis (~> 2.6.6)
      i18n (~> 0.5.0)
      rack (~> 1.2.1)
      rack-mount (~> 0.6.14)
      rack-test (~> 0.5.7)
      tzinfo (~> 0.3.23)
    activemodel (3.0.10)
      activesupport (= 3.0.10)
      builder (~> 2.1.2)
      i18n (~> 0.5.0)
    activerecord (3.0.10)
      activemodel (= 3.0.10)
      activesupport (= 3.0.10)
      arel (~> 2.0.10)
      tzinfo (~> 0.3.23)
    activeresource (3.0.10)
      activemodel (= 3.0.10)
      activesupport (= 3.0.10)
    activesupport (3.0.10)
    ansi (1.4.2)
    arel (2.0.10)
    attr_required (0.0.3)
    builder (2.1.2)
    erubis (2.6.6)
      abstract (>= 1.0.0)
    html5_validators (0.1.0)
    httpclient (2.2.4)
    i18n (0.5.0)
    jquery-rails (1.0.19)
      railties (~> 3.0)
      thor (~> 0.14)
    json (1.6.5)
    json-jwt (0.0.5)
      activesupport (>= 2.3)
      i18n
      json (>= 1.4.3)
      url_safe_base64
    mail (2.2.19)
      activesupport (>= 2.3.6)
      i18n (>= 0.4.0)
      mime-types (~> 1.16)
      treetop (~> 1.4.8)
    mime-types (1.17.2)
    minitest (2.11.1)
    openid_connect (0.1.1)
      activemodel (>= 3)
      attr_required (>= 0.0.3)
      json (>= 1.4.3)
      json-jwt (>= 0.0.3)
      rack-oauth2 (>= 0.14.0)
      swd (>= 0.1.0)
      tzinfo
      validate_email
      validate_url
    pg (0.12.2)
    polyamorous (0.5.0)
      activerecord (~> 3.0)
    polyglot (0.3.3)
    rack (1.2.5)
    rack-mount (0.6.14)
      rack (>= 1.0.0)
    rack-oauth2 (0.14.0)
      activesupport (>= 2.3)
      attr_required (>= 0.0.3)
      httpclient (>= 2.2.0.2)
      i18n
      json (>= 1.4.3)
      rack (>= 1.1)
    rack-ssl (1.3.2)
      rack
    rack-test (0.5.7)
      rack (>= 1.0)
    rails (3.0.10)
      actionmailer (= 3.0.10)
      actionpack (= 3.0.10)
      activerecord (= 3.0.10)
      activeresource (= 3.0.10)
      activesupport (= 3.0.10)
      bundler (~> 1.0)
      railties (= 3.0.10)
    railties (3.0.10)
      actionpack (= 3.0.10)
      activesupport (= 3.0.10)
      rake (>= 0.8.7)
      rdoc (~> 3.4)
      thor (~> 0.14.4)
    rake (0.9.2.2)
    rdoc (3.12)
      json (~> 1.4)
    rest-client (1.6.7)
      mime-types (>= 1.16)
    sqlite3 (1.3.5)
    squeel (0.9.5)
      activerecord (~> 3.0)
      activesupport (~> 3.0)
      polyamorous (~> 0.5.0)
    swd (0.1.1)
      activesupport (>= 3)
      attr_required (>= 0.0.3)
      httpclient (>= 2.2.1)
      i18n
      json (>= 1.4.3)
    thor (0.14.6)
    treetop (1.4.10)
      polyglot
      polyglot (>= 0.3.1)
    turn (0.9.1)
      ansi
      minitest
    tzinfo (0.3.31)
    url_safe_base64 (0.2.1)
    validate_email (0.1.5)
      activemodel (>= 3.0)
      mail (>= 2.2.5)
    validate_url (0.2.0)
      activemodel (>= 3.0.0)

PLATFORMS
  ruby

DEPENDENCIES
  html5_validators
  jquery-rails
  openid_connect
  pg
  rack-ssl
  rails (= 3.0.10)
  rest-client
  sqlite3
  squeel
  turn
